GEM
  remote: https://rubygems.org/
  specs:
    benchmark-ips (2.14.0)
    diff-lcs (1.6.2)
    json (2.7.6)
    net-http (0.6.0)
      uri
    nio4r (2.7.4)
    puma (6.6.0)
      nio4r (~> 2.0)
    rack (2.2.16)
    rack-test (2.2.0)
      rack (>= 1.3)
    rspec (3.13.0)
      rspec-core (~> 3.13.0)
      rspec-expectations (~> 3.13.0)
      rspec-mocks (~> 3.13.0)
    rspec-core (3.13.3)
      rspec-support (~> 3.13.0)
    rspec-expectations (3.13.4)
      diff-lcs (>= 1.2.0, < 2.0)
      rspec-support (~> 3.13.0)
    rspec-mocks (3.13.4)
      diff-lcs (>= 1.2.0, < 2.0)
      rspec-support (~> 3.13.0)
    rspec-support (3.13.3)
    uri (1.0.3)

PLATFORMS
  ruby

DEPENDENCIES
  benchmark-ips (~> 2.13)
  json
  net-http
  puma (~> 6.4)
  rack-test (~> 2.1)
  rspec (~> 3.13)

BUNDLED WITH
   1.17.2
